PATH
  remote: .
  specs:
    guerrilla_patch (2.8.4)

GEM
  remote: http://rubygems.org/
  specs:
    binding_of_caller (0.7.2)
      debug_inspector (>= 0.0.1)
    debug_inspector (0.0.2)
    diff-lcs (1.1.3)
    rake (0.9.2.2)
    rspec (2.8.0)
      rspec-core (~> 2.8.0)
      rspec-expectations (~> 2.8.0)
      rspec-mocks (~> 2.8.0)
    rspec-core (2.8.0)
    rspec-expectations (2.8.0)
      diff-lcs (~> 1.1.2)
    rspec-mocks (2.8.0)

PLATFORMS
  ruby

DEPENDENCIES
  binding_of_caller
  bundler (>= 1.0.0)
  guerrilla_patch!
  rake
  rspec (~> 2.8.0)
